GEM
  remote: https://rubygems.org/
  specs:
    paint (2.2.1)

PLATFORMS
  x64-mingw32

DEPENDENCIES
  paint

BUNDLED WITH
   2.1.4
